GIT
  remote: https://github.com/kyledrake/sinatra-cookie_thief.git
  revision: 97e5b01a6f399aeecde66f0c230e8937f155bfc3
  specs:
    sinatra-cookie_thief (0.1.0)
      sinatra (>= 1.0)

PATH
  remote: ~/code/rack
  specs:
    rack (1.3.0.beta)

GEM
  remote: http://rubygems.org/
  specs:
    activemodel (3.0.1)
      activesupport (= 3.0.1)
      builder (~> 2.1.2)
      i18n (~> 0.4.1)
    activesupport (3.0.1)
    bson (1.3.0)
    bson_ext (1.3.0)
    builder (2.1.2)
    carrierwave (0.5.0)
      activesupport (~> 3.0.0)
    diff-lcs (1.1.2)
    haml (3.0.22)
    i18n (0.4.2)
    json (1.4.6)
    mongo (1.3.0)
      bson (>= 1.3.0)
    mongoid (2.0.1)
      activemodel (~> 3.0)
      mongo (~> 1.3)
      tzinfo (~> 0.3.22)
      will_paginate (~> 3.0.pre)
    rack-flash (0.1.1)
      rack
    rack-test (0.5.6)
      rack (>= 1.0)
    rake (0.8.7)
    redis (2.0.11)
    redis-namespace (0.8.0)
      redis (< 3.0.0)
    resque (1.10.0)
      json (~> 1.4.6)
      redis-namespace (~> 0.8.0)
      sinatra (>= 0.9.2)
      vegas (~> 0.1.2)
    rspec (2.0.1)
      rspec-core (~> 2.0.1)
      rspec-expectations (~> 2.0.1)
      rspec-mocks (~> 2.0.1)
    rspec-core (2.0.1)
    rspec-expectations (2.0.1)
      diff-lcs (>= 1.1.2)
    rspec-mocks (2.0.1)
      rspec-core (~> 2.0.1)
      rspec-expectations (~> 2.0.1)
    sinatra (1.0)
      rack (>= 1.0)
    sinatra-redirect-with-flash (0.1.2)
      rack-flash (>= 0.1.1)
      sinatra (>= 0.9.1)
    tzinfo (0.3.26)
    vegas (0.1.8)
      rack (>= 1.0.0)
    will_paginate (3.0.pre2)

PLATFORMS
  ruby

DEPENDENCIES
  bson_ext (~> 1.3)
  carrierwave
  haml
  mongoid (~> 2.0)
  rack!
  rack-flash
  rack-test
  rake
  resque
  rspec
  sinatra (>= 1.0)
  sinatra-cookie_thief!
  sinatra-redirect-with-flash
