GIT
  remote: git://github.com/flexd/sinatra-mongoid-config.git
  revision: 72f27869b40566e7b5b838f7542585f9187af26f
  specs:
    sinatra-mongoid-config (0.1.1)
      mongoid (>= 2.0.0.beta.17)
      sinatra (>= 1.0)

GEM
  remote: http://rubygems.org/
  specs:
    activemodel (3.0.1)
      activesupport (= 3.0.1)
      builder (~> 2.1.2)
      i18n (~> 0.4.1)
    activesupport (3.0.1)
    bson (1.0.4)
    bson_ext (1.0.4)
    builder (2.1.2)
    carrierwave (0.5.0)
      activesupport (~> 3.0.0)
    diff-lcs (1.1.2)
    haml (3.0.22)
    i18n (0.4.2)
    json (1.4.6)
    mongo (1.0.7)
      bson (>= 1.0.4)
    mongoid (2.0.0.beta.17)
      activemodel (~> 3.0.0)
      bson (= 1.0.4)
      mongo (= 1.0.7)
      tzinfo (~> 0.3.22)
      will_paginate (~> 3.0.pre)
    rack (1.2.1)
    rack-flash (0.1.1)
      rack
    rack-test (0.5.6)
      rack (>= 1.0)
    rake (0.8.7)
    redis (2.0.11)
    redis-namespace (0.8.0)
      redis (< 3.0.0)
    resque (1.10.0)
      json (~> 1.4.6)
      redis-namespace (~> 0.8.0)
      sinatra (>= 0.9.2)
      vegas (~> 0.1.2)
    rspec (2.0.1)
      rspec-core (~> 2.0.1)
      rspec-expectations (~> 2.0.1)
      rspec-mocks (~> 2.0.1)
    rspec-core (2.0.1)
    rspec-expectations (2.0.1)
      diff-lcs (>= 1.1.2)
    rspec-mocks (2.0.1)
      rspec-core (~> 2.0.1)
      rspec-expectations (~> 2.0.1)
    sinatra (1.0)
      rack (>= 1.0)
    sinatra-redirect-with-flash (0.1.2)
      rack-flash (>= 0.1.1)
      sinatra (>= 0.9.1)
    tzinfo (0.3.23)
    vegas (0.1.8)
      rack (>= 1.0.0)
    will_paginate (3.0.pre2)

PLATFORMS
  ruby

DEPENDENCIES
  bson_ext
  carrierwave
  haml
  mongoid (= 2.0.0.beta.17)
  rack-flash
  rack-test
  rake
  resque
  rspec
  sinatra (>= 1.0)
  sinatra-mongoid-config!
  sinatra-redirect-with-flash
