GIT
  remote: git://github.com/rack/rack
  revision: 56c2eddcb22467e6ce9667ed820e19566cbf9987
  specs:
    rack (1.4.0)

GEM
  remote: http://rubygems.org/
  specs:
    activemodel (3.0.1)
      activesupport (= 3.0.1)
      builder (~> 2.1.2)
      i18n (~> 0.4.1)
    activesupport (3.0.1)
    bson (1.3.0)
    bson_ext (1.3.0)
    builder (2.1.2)
    carrierwave (0.5.0)
      activesupport (~> 3.0.0)
    diff-lcs (1.1.2)
    haml (3.0.22)
    i18n (0.4.2)
    json (1.4.6)
    kgio (2.3.3)
    mongo (1.3.0)
      bson (>= 1.3.0)
    mongoid (2.0.1)
      activemodel (~> 3.0)
      mongo (~> 1.3)
      tzinfo (~> 0.3.22)
      will_paginate (~> 3.0.pre)
    rack-test (0.5.6)
      rack (>= 1.0)
    rake (0.8.7)
    redis (2.0.11)
    redis-namespace (0.8.0)
      redis (< 3.0.0)
    resque (1.10.0)
      json (~> 1.4.6)
      redis-namespace (~> 0.8.0)
      sinatra (>= 0.9.2)
      vegas (~> 0.1.2)
    rspec (2.0.1)
      rspec-core (~> 2.0.1)
      rspec-expectations (~> 2.0.1)
      rspec-mocks (~> 2.0.1)
    rspec-core (2.0.1)
    rspec-expectations (2.0.1)
      diff-lcs (>= 1.1.2)
    rspec-mocks (2.0.1)
      rspec-core (~> 2.0.1)
      rspec-expectations (~> 2.0.1)
    sinatra (1.2.6)
      rack (~> 1.1)
      tilt (< 2.0, >= 1.2.2)
    sinatra-flash (0.3.0)
      sinatra (>= 1.0.0)
    tilt (1.3.2)
    tzinfo (0.3.26)
    unicorn (3.6.0)
      kgio (~> 2.3)
      rack
    vegas (0.1.8)
      rack (>= 1.0.0)
    will_paginate (3.0.pre2)

PLATFORMS
  ruby

DEPENDENCIES
  bson_ext (~> 1.3)
  carrierwave
  haml
  mongoid (~> 2.0)
  rack!
  rack-test
  rake
  resque
  rspec
  sinatra (>= 1.0)
  sinatra-flash
  unicorn
